PATH
  remote: .
  specs:
    hydroponic_mongo (0.1.0)

GEM
  remote: https://rubygems.org/
  specs:
    bson (4.3.0)
    coderay (1.1.2)
    method_source (0.9.0)
    minitest (5.11.3)
    mongo (2.6.2)
      bson (>= 4.3.0, < 5.0.0)
    pry (0.11.3)
      coderay (~> 1.1.0)
      method_source (~> 0.9.0)
    rake (10.5.0)

PLATFORMS
  ruby

DEPENDENCIES
  bundler (~> 1.16)
  hydroponic_mongo!
  minitest (~> 5.0)
  mongo
  pry (~> 0.11)
  rake (~> 10.0)

BUNDLED WITH
   1.16.3
